GEM
  remote: https://rubygems.org/
  specs:
    base64 (0.2.0)
    coderay (1.1.3)
    json (2.7.2)
    method_source (1.1.0)
    multi_json (1.15.0)
    mustermann (3.0.3)
      ruby2_keywords (~> 0.0.1)
    nio4r (2.7.3)
    pry (0.14.2)
      coderay (~> 1.1)
      method_source (~> 1.0)
    puma (6.4.2)
      nio4r (~> 2.0)
    rack (3.1.7)
    rack-protection (4.0.0)
      base64 (>= 0.1.0)
      rack (>= 3.0.0, < 4)
    rack-session (2.0.0)
      rack (>= 3.0.0)
    rack-test (2.1.0)
      rack (>= 1.3)
    ruby2_keywords (0.0.5)
    sinatra (4.0.0)
      mustermann (~> 3.0)
      rack (>= 3.0.0, < 4)
      rack-protection (= 4.0.0)
      rack-session (>= 2.0.0, < 3)
      tilt (~> 2.0)
    sinatra-contrib (4.0.0)
      multi_json (>= 0.0.2)
      mustermann (~> 3.0)
      rack-protection (= 4.0.0)
      sinatra (= 4.0.0)
      tilt (~> 2.0)
    tilt (2.4.0)

PLATFORMS
  ruby
  x86_64-darwin-23

DEPENDENCIES
  json
  pry
  puma
  rack-test
  sinatra
  sinatra-contrib

RUBY VERSION
   ruby 3.3.4p94

BUNDLED WITH
   2.5.11
